GEM
  remote: https://rubygems.org/
  specs:
    activesupport (4.2.5.1)
      i18n (~> 0.7)
      json (~> 1.7, >= 1.7.7)
      minitest (~> 5.1)
      thread_safe (~> 0.3, >= 0.3.4)
      tzinfo (~> 1.1)
    cas_rest_client (1.3)
      rest-client (>= 1.4.2)
    conjur-api (4.19.1)
      activesupport
      rest-client (~> 1.7, >= 1.7.3)
    conjur-asset-dsl2 (0.4.2)
      safe_yaml
    conjur-asset-host-factory (1.1.3)
      conjur-api (>= 4.9.2)
    conjur-cli (4.28.2)
      activesupport
      cas_rest_client
      conjur-api (~> 4.19)
      deep_merge
      gli (>= 2.8.0)
      highline
      methadone
      netrc (~> 0.10.2)
      xdg
    deep_merge (1.0.1)
    domain_name (0.5.20160128)
      unf (>= 0.0.5, < 1.0.0)
    gli (2.13.4)
    highline (1.7.8)
    http-cookie (1.0.2)
      domain_name (~> 0.5)
    i18n (0.7.0)
    json (1.8.3)
    methadone (1.9.2)
      bundler
    mime-types (2.99)
    minitest (5.8.4)
    netrc (0.10.3)
    rest-client (1.8.0)
      http-cookie (>= 1.0.2, < 2.0)
      mime-types (>= 1.16, < 3.0)
      netrc (~> 0.7)
    safe_yaml (1.0.4)
    thread_safe (0.3.5)
    tzinfo (1.2.2)
      thread_safe (~> 0.1)
    unf (0.1.4)
      unf_ext
    unf_ext (0.0.7.1)
    xdg (2.2.3)

PLATFORMS
  ruby

DEPENDENCIES
  conjur-asset-dsl2 (~> 0.4)
  conjur-asset-host-factory
  conjur-cli
  methadone

BUNDLED WITH
   1.11.2
